PATH
  remote: .
  specs:
    balboa_worldwide_app (2.1.5)
      ccutrer-serialport (~> 1.0)
      digest-crc (~> 0.4)
      mqtt-homeassistant (~> 0.1, >= 0.1.5)
      net-telnet-rfc2217 (~> 1.0)
      sd_notify (~> 0.1.1)

GEM
  remote: https://rubygems.org/
  specs:
    ast (2.4.2)
    byebug (11.1.3)
    ccutrer-serialport (1.1.0)
      ffi (~> 1.9, >= 1.9.3)
    digest-crc (0.6.4)
      rake (>= 12.0.0, < 14.0.0)
    ffi (1.15.5)
    homie-mqtt (1.6.3)
      mqtt-ccutrer (~> 1.0, >= 1.0.3)
      ruby2_keywords (~> 0.0.5)
    json (2.6.3)
    mqtt-ccutrer (1.0.3)
    mqtt-homeassistant (0.1.5)
      homie-mqtt (~> 1.6)
      json (~> 2.0)
    net-telnet (0.2.0)
    net-telnet-rfc2217 (1.0.2)
      net-telnet (~> 0.2.0)
    parallel (1.23.0)
    parser (3.2.2.1)
      ast (~> 2.4.1)
    rainbow (3.1.1)
    rake (13.0.6)
    regexp_parser (2.8.0)
    rexml (3.2.8)
      strscan (>= 3.0.9)
    rubocop (1.51.0)
      json (~> 2.3)
      parallel (~> 1.10)
      parser (>= 3.2.0.0)
      rainbow (>= 2.2.2, < 4.0)
      regexp_parser (>= 1.8, < 3.0)
      rexml (>= 3.2.5, < 4.0)
      rubocop-ast (>= 1.28.0, < 2.0)
      ruby-progressbar (~> 1.7)
      unicode-display_width (>= 2.4.0, < 3.0)
    rubocop-ast (1.28.1)
      parser (>= 3.2.1.0)
    rubocop-inst (1.0.2)
      rubocop (~> 1.50)
      rubocop-performance (~> 1.17)
    rubocop-performance (1.17.1)
      rubocop (>= 1.7.0, < 2.0)
      rubocop-ast (>= 0.4.0)
    rubocop-rake (0.6.0)
      rubocop (~> 1.0)
    ruby-progressbar (1.13.0)
    ruby2_keywords (0.0.5)
    sd_notify (0.1.1)
    strscan (3.1.0)
    unicode-display_width (2.4.2)

PLATFORMS
  ruby

DEPENDENCIES
  balboa_worldwide_app!
  byebug (~> 11.0)
  rake (~> 13.0)
  rubocop-inst (~> 1)
  rubocop-rake (~> 0.6)

BUNDLED WITH
   2.2.33
